ObjectType = Image
NDims = 3
BinaryData = True
BinaryDataByteOrderMSB = False
CompressedData = False
CompressedDataSize = 6193601
TransformMatrix = 1 0 0 0 1 0 0 0 1
Offset = -125 -858 -63
CenterOfRotation = 0 0 0
ElementSpacing = 0.488281 0.488281 0.700012
DimSize = 512 512 460
AnatomicalOrientation = RAI
ElementType = MET_SHORT
ElementDataFile = manix.raw
min_level:0.01
data_values_offset: -1000
data_values_scale: 1
window_level: 40  
window_width: 450 